PATH
  remote: .
  specs:
    git_shelf (0.1.0)

GEM
  remote: https://rubygems.org/
  specs:
    awesome_print (1.8.0)
    minitest (5.11.3)
    rake (10.5.0)
    terminal-table (1.8.0)
      unicode-display_width (~> 1.1, >= 1.1.1)
    thor (0.20.0)
    unicode-display_width (1.3.0)

PLATFORMS
  ruby

DEPENDENCIES
  awesome_print (~> 1.8)
  bundler (~> 1.16)
  git_shelf!
  minitest (~> 5.0)
  rake (~> 10.0)
  terminal-table (~> 1.8)
  thor (~> 0.20.0)

BUNDLED WITH
   1.16.0
